GEM
  remote: http://rubygems.org/
  specs:
    amq-protocol (1.9.2)
    amqp (1.5.1)
      amq-protocol (~> 1.9)
      eventmachine
    bunny (2.0.1)
      amq-protocol (>= 1.9.2)
    coderay (1.1.0)
    eventmachine (1.0.8)
    metaclass (0.0.4)
    method_source (0.8.2)
    minitest (5.10.3)
    mocha (1.1.0)
      metaclass (~> 0.0.1)
    pry (0.10.1)
      coderay (~> 1.1.0)
      method_source (~> 0.8.1)
      slop (~> 3.4)
    rack (1.6.13)
    rack-protection (1.5.3)
      rack
    rake (12.0.0)
    sinatra (1.4.6)
      rack (~> 1.4)
      rack-protection (~> 1.4)
      tilt (>= 1.3, < 3)
    slop (3.6.0)
    tilt (2.0.1)
    timecop (0.8.0)

PLATFORMS
  ruby

DEPENDENCIES
  amqp
  bunny
  minitest (~> 5.10.3)
  mocha
  pry
  rake
  sinatra
  timecop

RUBY VERSION
   ruby 2.4.1p111

BUNDLED WITH
   1.15.3
